PATH
  remote: .
  specs:
    postcode_checker (0.1.0)
      faraday (= 0.15.4)
      uk_postcode (= 2.1.3)

GEM
  remote: https://rubygems.org/
  specs:
    diff-lcs (1.3)
    faraday (0.15.4)
      multipart-post (>= 1.2, < 3)
    multipart-post (2.0.0)
    rake (12.3.2)
    rspec (3.8.0)
      rspec-core (~> 3.8.0)
      rspec-expectations (~> 3.8.0)
      rspec-mocks (~> 3.8.0)
    rspec-core (3.8.0)
      rspec-support (~> 3.8.0)
    rspec-expectations (3.8.2)
      diff-lcs (>= 1.2.0, < 2.0)
      rspec-support (~> 3.8.0)
    rspec-mocks (3.8.0)
      diff-lcs (>= 1.2.0, < 2.0)
      rspec-support (~> 3.8.0)
    rspec-support (3.8.0)
    uk_postcode (2.1.3)

PLATFORMS
  ruby

DEPENDENCIES
  bundler (~> 1.17.2)
  postcode_checker!
  rake (~> 12.3.2)
  rspec (~> 3.8)

BUNDLED WITH
   1.17.2
